GEM
  remote: https://rubygems.org/
  specs:
    coinbase (1.3.0)
      hashie (>= 1.2.0)
      httparty (>= 0.8.3)
      money (= 5.1.1)
      multi_json (>= 1.3.4)
    hashie (2.0.5)
    httparty (0.13.0)
      json (~> 1.8)
      multi_xml (>= 0.5.2)
    i18n (0.6.9)
    json (1.8.1)
    money (5.1.1)
      i18n (~> 0.6.0)
    multi_json (1.8.4)
    multi_xml (0.5.5)
    rake (13.0.1)

PLATFORMS
  ruby

DEPENDENCIES
  coinbase
  json
  rake (>= 12.3.3)

BUNDLED WITH
   1.17.3
