GEM
  remote: https://rubygems.org/
  specs:
    coinbase (4.2.0)
    json (2.1.0)
    rake (10.1.1)

PLATFORMS
  ruby

DEPENDENCIES
  coinbase (>= 2.0.0)
  json
  rake

BUNDLED WITH
   1.16.6
