GEM
  remote: https://rubygems.org/
  specs:
    coinbase (4.2.2)
    json (2.3.0)
    rake (10.1.1)

PLATFORMS
  ruby

DEPENDENCIES
  coinbase (>= 1.3.0)
  json (>= 2.3.0)
  rake

BUNDLED WITH
   1.17.3
